PATH
  remote: .
  specs:
    fit4ruby (3.11.0)
      bindata (~> 2.4.8)

GEM
  remote: https://rubygems.org/
  specs:
    bindata (2.4.14)
    coderay (1.1.3)
    diff-lcs (1.5.0)
    method_source (1.0.0)
    pry (0.14.2)
      coderay (~> 1.1)
      method_source (~> 1.0)
    rake (13.0.6)
    rspec (3.12.0)
      rspec-core (~> 3.12.0)
      rspec-expectations (~> 3.12.0)
      rspec-mocks (~> 3.12.0)
    rspec-core (3.12.0)
      rspec-support (~> 3.12.0)
    rspec-expectations (3.12.1)
      diff-lcs (>= 1.2.0, < 2.0)
      rspec-support (~> 3.12.0)
    rspec-mocks (3.12.1)
      diff-lcs (>= 1.2.0, < 2.0)
      rspec-support (~> 3.12.0)
    rspec-support (3.12.0)
    webrick (1.7.0)
    yard (0.9.28)
      webrick (~> 1.7.0)

PLATFORMS
  x86_64-linux

DEPENDENCIES
  bundler (>= 1.6.4)
  fit4ruby!
  pry (>= 0.12)
  rake (~> 13.0.3)
  rspec (>= 3.8)
  yard (~> 0.9.20)

BUNDLED WITH
   2.4.15
