GEM
  remote: https://rubygems.org/
  specs:
    bindata (2.4.14)
    rake (13.0.6)
    webrick (1.7.0)
    yard (0.9.28)
      webrick (~> 1.7.0)

PLATFORMS
  x86_64-linux

DEPENDENCIES
  bindata (>= 2.4.14)
  rake (>= 13.0)
  yard (>= 0.9.28)

BUNDLED WITH
   2.4.15
